GEM
  remote: https://rubygems.org/
  specs:
    debase (0.2.1)
      debase-ruby_core_source
    debase-ruby_core_source (0.9.9)
    rake (12.0.0)
    ruby-debug-ide (0.4.32)
      rake (>= 0.8.1)

PLATFORMS
  ruby

DEPENDENCIES
  debase (= 0.2.1)
  ruby-debug-ide (= 0.4.32)

BUNDLED WITH
   1.15.1
